GEM
  remote: https://rubygems.org/
  specs:
    childprocess (3.0.0)
    mini_portile2 (2.4.0)
    net_http_ssl_fix (0.0.10)
    nokogiri (1.10.9-x64-mingw32)
      mini_portile2 (~> 2.4.0)
    regexp_parser (1.7.0)
    rubyzip (1.3.0)
    selenium-webdriver (3.142.7)
      childprocess (>= 0.5, < 4.0)
      rubyzip (>= 1.2.2)
    watir (6.17.0)
      regexp_parser (~> 1.2)
      selenium-webdriver (~> 3.6)
    webdrivers (4.4.1)
      nokogiri (~> 1.6)
      rubyzip (>= 1.3.0)
      selenium-webdriver (>= 3.0, < 4.0)

PLATFORMS
  x64-mingw32

DEPENDENCIES
  net_http_ssl_fix (~> 0.0.10)
  watir (~> 6.17.0)
  webdrivers (~> 4.0)

BUNDLED WITH
   2.1.4
