GEM
  remote: https://rubygems.org/
  specs:
    childprocess (3.0.0)
    excon (0.85.0)
    gli (2.20.1)
    net_http_ssl_fix (0.0.10)
    oj (3.13.1)
    pushover (3.0.3)
      excon
      gli
      oj
    regexp_parser (1.7.0)
    rubyzip (1.3.0)
    selenium-webdriver (3.142.7)
      childprocess (>= 0.5, < 4.0)
      rubyzip (>= 1.2.2)
    watir (6.17.0)
      regexp_parser (~> 1.2)
      selenium-webdriver (~> 3.6)

PLATFORMS
  x64-mingw32

DEPENDENCIES
  net_http_ssl_fix (~> 0.0.10)
  pushover
  watir (~> 6.17.0)

BUNDLED WITH
   2.1.4
